GEM
  remote: https://rubygems.org/
  specs:
    PriorityQueue (0.1.2)

PLATFORMS
  ruby

DEPENDENCIES
  PriorityQueue
